GEM
  remote: https://rubygems.org/
  specs:
    aws-eventstream (1.2.0)
    aws-partitions (1.673.0)
    aws-sdk-core (3.168.3)
      aws-eventstream (~> 1, >= 1.0.2)
      aws-partitions (~> 1, >= 1.651.0)
      aws-sigv4 (~> 1.5)
      jmespath (~> 1, >= 1.6.1)
    aws-sdk-route53 (1.69.0)
      aws-sdk-core (~> 3, >= 3.165.0)
      aws-sigv4 (~> 1.1)
    aws-sigv4 (1.5.2)
      aws-eventstream (~> 1, >= 1.0.2)
    byebug (11.1.3)
    jmespath (1.6.2)

PLATFORMS
  ruby

DEPENDENCIES
  aws-sdk-route53
  byebug

BUNDLED WITH
   2.1.4
